GEM
  remote: https://rubygems.org/
  specs:
    mini_portile2 (2.2.0)
    mustermann (1.0.0)
    nokogiri (1.8.0)
      mini_portile2 (~> 2.2.0)
    odyssey (0.2.0)
      require_all
    rack (2.0.3)
    rack-protection (2.0.0)
      rack
    require_all (1.4.0)
    sinatra (2.0.0)
      mustermann (~> 1.0)
      rack (~> 2.0)
      rack-protection (= 2.0.0)
      tilt (~> 2.0)
    slim (3.0.8)
      temple (>= 0.7.6, < 0.9)
      tilt (>= 1.3.3, < 2.1)
    temple (0.8.0)
    tilt (2.0.7)

PLATFORMS
  ruby

DEPENDENCIES
  nokogiri
  odyssey
  sinatra (~> 2.0)
  slim

BUNDLED WITH
   1.14.6
